PATH
  remote: .
  specs:
    qiniu_file_uploader (0.1.0)

GEM
  remote: https://rubygems.org/
  specs:
    rake (10.4.2)

PLATFORMS
  ruby

DEPENDENCIES
  bundler (~> 1.16)
  qiniu_file_uploader!
  rake (~> 10.0)

BUNDLED WITH
   1.16.1
